GEM
  remote: https://rubygems.org/
  specs:
    anz_bank_csv_cleaner (0.1)
    childprocess (0.7.1)
      ffi (~> 1.0, >= 1.0.11)
    ffi (1.9.18)
    rubyzip (1.2.1)
    selenium-webdriver (3.4.3)
      childprocess (~> 0.5)
      rubyzip (~> 1.0)

PLATFORMS
  ruby

DEPENDENCIES
  anz_bank_csv_cleaner (~> 0.1)
  selenium-webdriver

BUNDLED WITH
   1.15.1
