GEM
  remote: https://rubygems.org/
  specs:
    anz_bank_csv_cleaner (0.1)
    byebug (9.1.0)
    childprocess (0.8.0)
      ffi (~> 1.0, >= 1.0.11)
    ffi (1.9.18)
    rubyzip (1.2.1)
    selenium-webdriver (3.6.0)
      childprocess (~> 0.5)
      rubyzip (~> 1.0)

PLATFORMS
  ruby

DEPENDENCIES
  anz_bank_csv_cleaner (~> 0.1)
  byebug
  selenium-webdriver

BUNDLED WITH
   1.15.1
